PATH
  remote: .
  specs:
    qeweney (0.7.1)
      escape_utils (~> 1.2.1)

GEM
  remote: https://rubygems.org/
  specs:
    ansi (1.5.0)
    benchmark-ips (2.8.4)
    builder (3.2.4)
    escape_utils (1.2.1)
    minitest (5.11.3)
    minitest-reporters (1.4.3)
      ansi
      builder
      minitest (>= 5.0)
      ruby-progressbar
    rake (12.3.3)
    ruby-progressbar (1.11.0)

PLATFORMS
  ruby

DEPENDENCIES
  benchmark-ips (~> 2.8.3)
  minitest (~> 5.11.3)
  minitest-reporters (~> 1.4.2)
  qeweney!
  rake (~> 12.3.3)

BUNDLED WITH
   2.1.4
