PATH
  remote: .
  specs:
    qna (0.1)
      escape_utils (~> 1.2.1)

GEM
  remote: https://rubygems.org/
  specs:
    ansi (1.5.0)
    builder (3.2.4)
    escape_utils (1.2.1)
    minitest (5.11.3)
    minitest-reporters (1.4.3)
      ansi
      builder
      minitest (>= 5.0)
      ruby-progressbar
    rake (12.3.3)
    ruby-progressbar (1.11.0)

PLATFORMS
  ruby

DEPENDENCIES
  minitest (~> 5.11.3)
  minitest-reporters (~> 1.4.2)
  qna!
  rake (~> 12.3.3)

BUNDLED WITH
   2.1.4
